GEM
  remote: http://rubygems.org/
  specs:
    versionify (0.2.4)

PLATFORMS
  ruby

DEPENDENCIES
  versionify
